GEM
  remote: https://rubygems.org/
  specs:
    aws-eventstream (1.3.0)
    aws-partitions (1.877.0)
    aws-sdk-cloudfront (1.86.0)
      aws-sdk-core (~> 3, >= 3.188.0)
      aws-sigv4 (~> 1.1)
    aws-sdk-core (3.190.1)
      aws-eventstream (~> 1, >= 1.3.0)
      aws-partitions (~> 1, >= 1.651.0)
      aws-sigv4 (~> 1.8)
      jmespath (~> 1, >= 1.6.1)
    aws-sdk-kms (1.76.0)
      aws-sdk-core (~> 3, >= 3.188.0)
      aws-sigv4 (~> 1.1)
    aws-sdk-s3 (1.142.0)
      aws-sdk-core (~> 3, >= 3.189.0)
      aws-sdk-kms (~> 1)
      aws-sigv4 (~> 1.8)
    aws-sigv4 (1.8.0)
      aws-eventstream (~> 1, >= 1.0.2)
    aws_s3_website_sync (1.1.0)
      aws-sdk-cloudfront
      aws-sdk-s3
    dotenv (2.8.1)
    jmespath (1.6.2)
    rake (13.1.0)

PLATFORMS
  x86_64-darwin-22

DEPENDENCIES
  aws_s3_website_sync
  dotenv
  rake

BUNDLED WITH
   2.4.10
